GEM
  remote: http://rubygems.org/
  specs:
    mime-types (1.16)
    rake (0.9.2)
    rspec (1.3.2)
    typhoeus (0.2.4)
      mime-types
      mime-types

PLATFORMS
  ruby

DEPENDENCIES
  rake (>= 0.8.7)
  rspec (~> 1.0)
  typhoeus
